FRAMEWORK: >= NET45
NUGET
  remote: https://www.nuget.org/api/v2
  specs:
    log4net (2.0.3)
    Newtonsoft.Json (6.0.5)
    NUnit (2.6.3)
    ZooKeeper.Net (3.4.6)
      log4net (>= 2.0.3)
